{
	"Manufacturer": "Siemens",
	"ManufacturersModelName": "Prisma_fit",
	"ProcedureStepDescription": "Head_64ch_Mosra",
	"ProtocolName": "bold_TR2_32_190_3",
	"SequenceName": "_epfid2d1_64",
	"ImageType": ["ORIGINAL", "PRIMARY", "M", "ND", "NORM", "MOSAIC"],
	"AcquisitionDateTime": "2017-05-26T94:35:0.687500",
	"MagneticFieldStrength": 3,
	"FlipAngle": 80,
	"EchoTime": 0.026,
	"RepetitionTime": 2,
	"EffectiveEchoSpacing": 0.000489996,
	"SliceTiming": [
		0,
		0.06,
		0.12,
		0.18,
		0.24,
		0.3,
		0.36,
		0.4175,
		0.4775,
		0.5375,
		0.5975,
		0.6575,
		0.7175,
		0.7775,
		0.8375,
		0.8975,
		0.9575,
		1.0175,
		1.0775,
		1.1375,
		1.1975,
		1.2575,
		1.3175,
		1.3775,
		1.4375,
		1.4975,
		1.5575,
		1.6175,
		1.6775,
		1.7375,
		1.7975,
		1.8575,
		1.9175	],
	"PhaseEncodingDirection": "j-",
	"ConversionSoftware": "dcm2niix",
	"ConversionSoftwareVersion": "v1.0.20170314"
}
