{
	"Manufacturer": "Siemens",
	"ManufacturersModelName": "Prisma_fit",
	"ProcedureStepDescription": "Head_64ch_Mosra",
	"ProtocolName": "bold_TR2_32_190_4",
	"SequenceName": "_epfid2d1_64",
	"ImageType": ["ORIGINAL", "PRIMARY", "M", "ND", "NORM", "MOSAIC"],
	"AcquisitionDateTime": "2017-05-24T15:24:17.390625",
	"MagneticFieldStrength": 3,
	"FlipAngle": 80,
	"EchoTime": 0.026,
	"RepetitionTime": 2,
	"EffectiveEchoSpacing": 0.000489996,
	"SliceTiming": [
		0,
		0.06,
		0.12,
		0.18,
		0.24,
		0.3,
		0.36,
		0.42,
		0.48,
		0.54,
		0.6,
		0.66,
		0.72,
		0.78,
		0.84,
		0.9,
		0.96,
		1.02,
		1.08,
		1.14,
		1.2,
		1.26,
		1.32,
		1.38,
		1.44,
		1.5,
		1.56,
		1.62,
		1.68,
		1.74,
		1.8,
		1.86,
		1.92	],
	"PhaseEncodingDirection": "j-",
	"ConversionSoftware": "dcm2niix",
	"ConversionSoftwareVersion": "v1.0.20170314"
}
