{
	"Manufacturer": "Siemens",
	"ManufacturersModelName": "Prisma_fit",
	"ProcedureStepDescription": "Head_64ch_Mosra",
	"ProtocolName": "MPRAGE_iPAT2",
	"SequenceName": "_tfl3d1_16ns",
	"ImageType": ["ORIGINAL", "PRIMARY", "M", "ND", "NORM"],
	"AcquisitionDateTime": "2017-05-22T16:38:21.046875",
	"MagneticFieldStrength": 3,
	"FlipAngle": 9,
	"EchoTime": 0.00306,
	"RepetitionTime": 2.25,
	"PhaseEncodingDirection": "i-",
	"ConversionSoftware": "dcm2niix",
	"ConversionSoftwareVersion": "v1.0.20170314"
}
